GIT
  remote: git://github.com/jlecour/geokit-rails3.git
  revision: 0b6d1ddb2461d676df1d4de9758600f56bdfbf4f
  specs:
    geokit-rails3 (0.1.5)
      geokit (~> 1.5)
      rails (~> 3.0)

GIT
  remote: git://github.com/schneems/wicked.git
  revision: 5aa2e4d0c79b93c4d8955cc69ab5503156745418
  specs:
    wicked (0.0.1)
      activesupport (>= 3.0.7)
      rails (>= 3.0.7)

GEM
  remote: http://rubygems.org/
  specs:
    XMLCanonicalizer (1.0.1)
      log4r (>= 1.0.4)
    abstract (1.0.0)
    actionmailer (3.0.9)
      actionpack (= 3.0.9)
      mail (~> 2.2.19)
    actionpack (3.0.9)
      activemodel (= 3.0.9)
      activesupport (= 3.0.9)
      builder (~> 2.1.2)
      erubis (~> 2.6.6)
      i18n (~> 0.5.0)
      rack (~> 1.2.1)
      rack-mount (~> 0.6.14)
      rack-test (~> 0.5.7)
      tzinfo (~> 0.3.23)
    activemodel (3.0.9)
      activesupport (= 3.0.9)
      builder (~> 2.1.2)
      i18n (~> 0.5.0)
    activerecord (3.0.9)
      activemodel (= 3.0.9)
      activesupport (= 3.0.9)
      arel (~> 2.0.10)
      tzinfo (~> 0.3.23)
    activeresource (3.0.9)
      activemodel (= 3.0.9)
      activesupport (= 3.0.9)
    activesupport (3.0.9)
    acts-as-taggable-on (2.1.1)
      rails
    addressable (2.2.6)
    arel (2.0.10)
    awesome_print (1.0.2)
    aws-s3 (0.6.2)
      builder
      mime-types
      xml-simple
    bcrypt-ruby (3.0.1)
    builder (2.1.2)
    cocaine (0.2.1)
    daemons (1.1.5)
    dalli (1.1.4)
    delayed_job (2.1.4)
      activesupport (~> 3.0)
      daemons
    devise (1.4.9)
      bcrypt-ruby (~> 3.0)
      orm_adapter (~> 0.0.3)
      warden (~> 1.0.3)
    diff-lcs (1.1.3)
    em-websocket (0.3.5)
      addressable (>= 2.1.1)
      eventmachine (>= 0.12.9)
    erubis (2.6.6)
      abstract (>= 1.0.0)
    eventmachine (0.12.10)
    factory_girl (2.3.2)
      activesupport
    factory_girl_rails (1.4.0)
      factory_girl (~> 2.3.0)
      railties (>= 3.0.0)
    faker (1.0.1)
      i18n (~> 0.4)
    faraday (0.7.5)
      addressable (~> 2.2.6)
      multipart-post (~> 1.1.3)
      rack (>= 1.1.0, < 2)
    faraday-stack (0.1.3)
      faraday (~> 0.6)
    ffi (1.0.11)
    forgery (0.5.0)
    friendly_id (4.0.0.beta14)
    geokit (1.6.0)
    guard (0.9.1)
      ffi (>= 0.5.0)
      thor (~> 0.14.6)
    guard-livereload (0.3.1)
      em-websocket (>= 0.2.0)
      guard (>= 0.4.0)
      multi_json (~> 1.0.3)
    guard-rspec (0.5.9)
      guard (>= 0.8.4)
    guard-spork (0.4.1)
      guard (>= 0.8.4)
      spork (>= 0.8.4)
    haml (3.1.4)
    httparty (0.8.1)
      multi_json
      multi_xml
    i18n (0.5.0)
    indextank (1.0.12)
      faraday-stack
      yajl-ruby (>= 0.7.7)
    jquery-rails (1.0.19)
      railties (~> 3.0)
      thor (~> 0.14)
    json (1.6.4)
    keytar (1.5.3)
      activesupport
    koala (1.2.1)
      faraday (~> 0.7.0)
      multi_json (~> 1.0)
    log4r (1.1.9)
    macaddr (1.5.0)
      systemu (>= 2.4.0)
    mail (2.2.19)
      activesupport (>= 2.3.6)
      i18n (>= 0.4.0)
      mime-types (~> 1.16)
      treetop (~> 1.4.8)
    metaclass (0.0.1)
    method_cacheable (0.0.3)
      activesupport
      keytar
    mime-types (1.17.2)
    mocha (0.10.0)
      metaclass (~> 0.0.1)
    multi_json (1.0.4)
    multi_xml (0.4.1)
    multipart-post (1.1.4)
    mysql2 (0.2.18)
    net-ldap (0.2.2)
    newrelic_rpm (3.3.1)
    nifty-generators (0.4.6)
    nokogiri (1.5.0)
    oa-basic (0.3.2)
      oa-core (= 0.3.2)
      rest-client (~> 1.6.0)
    oa-core (0.3.2)
    oa-enterprise (0.3.2)
      XMLCanonicalizer (~> 1.0.1)
      addressable (~> 2.2.6)
      net-ldap (~> 0.2.2)
      nokogiri (~> 1.5.0)
      oa-core (= 0.3.2)
      pyu-ruby-sasl (~> 0.0.3.1)
      rubyntlm (~> 0.1.1)
      uuid
    oa-more (0.3.2)
      multi_json (~> 1.0.0)
      oa-core (= 0.3.2)
      rest-client (~> 1.6.0)
    oa-oauth (0.3.2)
      faraday (~> 0.7.3)
      multi_json (~> 1.0.0)
      multi_xml (~> 0.4.0)
      oa-core (= 0.3.2)
      oauth (~> 0.4.0)
      oauth2 (~> 0.5.0)
    oa-openid (0.3.2)
      oa-core (= 0.3.2)
      rack-openid (~> 1.3.1)
      ruby-openid-apps-discovery (~> 1.2.0)
    oauth (0.4.5)
    oauth2 (0.5.1)
      faraday (~> 0.7.4)
      multi_json (~> 1.0.3)
    omniauth (0.3.2)
      oa-basic (= 0.3.2)
      oa-core (= 0.3.2)
      oa-enterprise (= 0.3.2)
      oa-more (= 0.3.2)
      oa-oauth (= 0.3.2)
      oa-openid (= 0.3.2)
    orm_adapter (0.0.5)
    paperclip (2.4.5)
      activerecord (>= 2.3.0)
      activesupport (>= 2.3.2)
      cocaine (>= 0.0.2)
      mime-types
    pg (0.12.0)
      rake-compiler (~> 0.7)
    polyglot (0.3.3)
    pyu-ruby-sasl (0.0.3.3)
    rack (1.2.4)
    rack-mount (0.6.14)
      rack (>= 1.0.0)
    rack-openid (1.3.1)
      rack (>= 1.1.0)
      ruby-openid (>= 2.1.8)
    rack-test (0.5.7)
      rack (>= 1.0)
    rails (3.0.9)
      actionmailer (= 3.0.9)
      actionpack (= 3.0.9)
      activerecord (= 3.0.9)
      activeresource (= 3.0.9)
      activesupport (= 3.0.9)
      bundler (~> 1.0)
      railties (= 3.0.9)
    railties (3.0.9)
      actionpack (= 3.0.9)
      activesupport (= 3.0.9)
      rake (>= 0.8.7)
      rdoc (~> 3.4)
      thor (~> 0.14.4)
    rake (0.9.2.2)
    rake-compiler (0.7.9)
      rake
    random_data (1.5.2)
    rb-fsevent (0.4.3.1)
    rdoc (3.12)
      json (~> 1.4)
    rest-client (1.6.7)
      mime-types (>= 1.16)
    rspec (2.7.0)
      rspec-core (~> 2.7.0)
      rspec-expectations (~> 2.7.0)
      rspec-mocks (~> 2.7.0)
    rspec-core (2.7.1)
    rspec-expectations (2.7.0)
      diff-lcs (~> 1.1.2)
    rspec-mocks (2.7.0)
    rspec-rails (2.7.0)
      actionpack (~> 3.0)
      activesupport (~> 3.0)
      railties (~> 3.0)
      rspec (~> 2.7.0)
    ruby-openid (2.1.8)
    ruby-openid-apps-discovery (1.2.0)
      ruby-openid (>= 2.1.7)
    rubyntlm (0.1.1)
    sequel (3.20.0)
    sinatra (1.0)
      rack (>= 1.0)
    spork (0.8.5)
    sqlite3 (1.3.5)
    sqlite3-ruby (1.3.3)
      sqlite3 (>= 1.3.3)
    systemu (2.4.2)
    taps (0.3.23)
      rack (>= 1.0.1)
      rest-client (>= 1.4.0, < 1.7.0)
      sequel (~> 3.20.0)
      sinatra (~> 1.0.0)
      sqlite3-ruby (~> 1.2)
    thor (0.14.6)
    thumbs_up (0.4.5)
      activerecord
    timecop (0.3.5)
    timezone (0.1.3)
    treetop (1.4.10)
      polyglot
      polyglot (>= 0.3.1)
    tumblr-api (0.1.4)
      activesupport
      httparty
    tzinfo (0.3.31)
    use_tinymce (0.0.12)
    uuid (2.3.4)
      macaddr (~> 1.0)
    warden (1.0.6)
      rack (>= 1.0)
    will_paginate (3.0.2)
    xml-simple (1.1.1)
    yajl-ruby (1.1.0)
    yaml_db (0.2.2)

PLATFORMS
  ruby

DEPENDENCIES
  acts-as-taggable-on (~> 2.1.0)
  awesome_print
  aws-s3
  dalli (~> 1.1.4)
  delayed_job
  devise (~> 1.4.9)
  factory_girl_rails
  faker
  forgery
  friendly_id (= 4.0.0.beta14)
  geokit-rails3!
  guard-livereload
  guard-rspec
  guard-spork
  haml
  indextank
  jquery-rails (>= 1.0.19)
  koala (~> 1.2.1)
  method_cacheable (= 0.0.3)
  mocha
  mysql2 (~> 0.2.6)
  newrelic_rpm
  nifty-generators
  omniauth (~> 0.3.2)
  paperclip
  pg
  rails (= 3.0.9)
  rake (~> 0.9.2)
  random_data
  rb-fsevent
  rspec-rails (~> 2.6)
  spork
  taps
  thumbs_up
  timecop
  timezone
  tumblr-api
  use_tinymce
  wicked!
  will_paginate (~> 3.0.2)
  yaml_db
